GEM
  remote: https://rubygems.org/
  specs:
    async (2.17.0)
      console (~> 1.26)
      fiber-annotation
      io-event (~> 1.6, >= 1.6.5)
    async-http (0.77.0)
      async (>= 2.10.2)
      async-pool (~> 0.7)
      io-endpoint (~> 0.11)
      io-stream (~> 0.4)
      protocol-http (~> 0.37)
      protocol-http1 (~> 0.25)
      protocol-http2 (~> 0.18)
      traces (>= 0.10)
    async-pool (0.11.0)
      async (>= 2.0)
    console (1.27.0)
      fiber-annotation
      fiber-local (~> 1.1)
      json
    fiber-annotation (0.2.0)
    fiber-local (1.1.0)
      fiber-storage
    fiber-storage (1.0.0)
    io-endpoint (0.15.2)
    io-event (1.7.2)
    io-stream (0.10.0)
    json (2.7.2)
    polyphony (1.6)
    protocol-hpack (1.5.1)
    protocol-http (0.52.0)
    protocol-http1 (0.34.1)
      protocol-http (~> 0.22)
    protocol-http2 (0.22.1)
      protocol-hpack (~> 1.4)
      protocol-http (~> 0.47)
    traces (0.17.0)

PLATFORMS
  arm64-darwin-22
  x86_64-linux

DEPENDENCIES
  async (~> 2.17)
  async-http
  polyphony

BUNDLED WITH
   2.4.19
