GEM
  remote: https://rubygems.org/
  specs:
    async (2.17.0)
      console (~> 1.26)
      fiber-annotation
      io-event (~> 1.6, >= 1.6.5)
    console (1.27.0)
      fiber-annotation
      fiber-local (~> 1.1)
      json
    fiber-annotation (0.2.0)
    fiber-local (1.1.0)
      fiber-storage
    fiber-storage (1.0.0)
    io-event (1.7.2)
    json (2.7.2)

PLATFORMS
  arm64-darwin-22
  x86_64-linux

DEPENDENCIES
  async (~> 2.17)

BUNDLED WITH
   2.4.19
